PATH
  remote: .
  specs:
    fluent-plugin-openlineage (0.1.0)
      fluentd (>= 0.14.10, < 2)
      rusty_json_schema

GEM
  remote: https://rubygems.org/
  specs:
    concurrent-ruby (1.2.2)
    cool.io (1.7.1)
    ffi (1.15.5)
    fluentd (1.16.0)
      bundler
      cool.io (>= 1.4.5, < 2.0.0)
      http_parser.rb (>= 0.5.1, < 0.9.0)
      msgpack (>= 1.3.1, < 2.0.0)
      serverengine (>= 2.3.2, < 3.0.0)
      sigdump (~> 0.2.2)
      strptime (>= 0.2.4, < 1.0.0)
      tzinfo (>= 1.0, < 3.0)
      tzinfo-data (~> 1.0)
      webrick (~> 1.4)
      yajl-ruby (~> 1.0)
    http_parser.rb (0.8.0)
    json (2.6.3)
    minitar (0.9)
    msgpack (1.7.0)
    power_assert (2.0.3)
    rake (12.3.3)
    rusty_json_schema (0.15.0)
      ffi (~> 1.14)
      json (>= 1.0)
      thermite (~> 0)
    serverengine (2.3.2)
      sigdump (~> 0.2.2)
    sigdump (0.2.4)
    strptime (0.2.5)
    test-unit (3.2.9)
      power_assert
    thermite (0.13.0)
      minitar (~> 0.5)
      rake (>= 10)
      tomlrb (~> 1.2)
    tomlrb (1.3.0)
    tzinfo (2.0.6)
      concurrent-ruby (~> 1.0)
    tzinfo-data (1.2023.3)
      tzinfo (>= 1.0.0)
    webrick (1.8.1)
    yajl-ruby (1.4.3)

PLATFORMS
  ruby

DEPENDENCIES
  bundler (~> 1.17.2)
  fluent-plugin-openlineage!
  rake (~> 12.3.3)
  test-unit (~> 3.2.9)

BUNDLED WITH
   1.17.2
